GEM
  remote: https://rubygems.org/
  specs:
    childprocess (2.0.0)
      rake (< 13.0)
    concurrent-ruby (1.1.10)
    data_magic (1.2)
      faker (>= 1.1.2)
      yml_reader (>= 0.6)
    faker (2.21.0)
      i18n (>= 1.8.11, < 2)
    i18n (1.10.0)
      concurrent-ruby (~> 1.0)
    page-object (1.2.0)
      page_navigation (>= 0.9)
      selenium-webdriver (>= 2.44.0)
      watir-webdriver (>= 0.6.11)
    page_navigation (0.10)
      data_magic (>= 0.22)
    rake (12.3.3)
    rubyzip (2.0.0)
    selenium-webdriver (3.142.5)
      childprocess (>= 0.5, < 3.0)
      rubyzip (>= 1.2.2)
    watir-webdriver (0.9.3)
      selenium-webdriver (>= 2.46.2)
    yml_reader (0.7)

PLATFORMS
  ruby

DEPENDENCIES
  page-object (~> 1.2)

BUNDLED WITH
   1.10.6
